GEM
  remote: https://rubygems.org/
  specs:
    ansi (1.5.0)
    builder (3.2.4)
    byebug (11.1.3)
    hikidoc (0.1.0)
    io-console (0.5.9)
    irb (1.3.6)
      reline (>= 0.2.5)
    kramdown (2.3.1)
      rexml
    mini_portile2 (2.5.3)
    minitest (5.14.4)
    minitest-power_assert (0.3.1)
      minitest
      power_assert (>= 1.1)
    minitest-reporters (1.4.3)
      ansi
      builder
      minitest (>= 5.0)
      ruby-progressbar
    nokogiri (1.11.7)
      mini_portile2 (~> 2.5.0)
      racc (~> 1.4)
    power_assert (2.0.0)
    racc (1.5.2)
    rake (13.0.3)
    reline (0.2.6)
      io-console (~> 0.5)
    rexml (3.2.5)
    rr (3.0.5)
    ruby-progressbar (1.11.0)
    yard (0.9.26)

PLATFORMS
  ruby

DEPENDENCIES
  byebug
  hikidoc
  irb
  kramdown
  minitest
  minitest-power_assert
  minitest-reporters
  nokogiri
  rake
  rr
  yard

BUNDLED WITH
   1.17.2
